GEM
  remote: https://rubygems.org/
  specs:
    autoforme (1.5.0)
      enum_csv
      forme (>= 1.4.0)
      rack
      sequel (>= 3.0.0)
    bcrypt (3.1.11)
    enum_csv (1.1.0)
    erubis (2.7.0)
    forme (1.5.0)
    kgio (2.11.0)
    pg (0.18.4)
    rack (2.0.1)
    rack-protection (1.5.3)
      rack
    rack_csrf (2.5.0)
      rack (>= 1.1.0)
    raindrops (0.17.0)
    roda (2.1.0)
      rack
    sass (3.4.23)
    sequel (4.21.0)
    sequel_pg (1.6.17)
      pg (>= 0.8.0)
      sequel (>= 4.0.0)
    subset_sum (1.0.2)
    tilt (2.0.5)
    unicorn (5.2.0)
      kgio (~> 2.6)
      raindrops (~> 0.7)

PLATFORMS
  ruby

DEPENDENCIES
  autoforme (>= 1.0.1)
  bcrypt (~> 3.1.10)
  erubis (~> 2.7.0)
  pg (~> 0.18.1)
  rack-protection (~> 1.5.3)
  rack_csrf (~> 2.5.0)
  roda (~> 2.1.0)
  sass
  sequel (~> 4.21.0)
  sequel_pg
  subset_sum
  tilt (~> 2.0.1)
  unicorn

BUNDLED WITH
   1.13.6
